PATH
  remote: .
  specs:
    nando (1.0.4)
      awesome_print (~> 1.8.0)
      colorize (~> 0.8.1)
      dotenv (~> 2.7.6)
      optparse (~> 0.1.0)
      pg (~> 1.2.3)

GEM
  remote: https://rubygems.org/
  specs:
    awesome_print (1.8.0)
    byebug (9.0.6)
    colorize (0.8.1)
    diff-lcs (1.4.4)
    dotenv (2.7.6)
    optparse (0.1.0)
    pg (1.2.3)
    rake (10.5.0)
    rspec (3.10.0)
      rspec-core (~> 3.10.0)
      rspec-expectations (~> 3.10.0)
      rspec-mocks (~> 3.10.0)
    rspec-core (3.10.1)
      rspec-support (~> 3.10.0)
    rspec-expectations (3.10.1)
      diff-lcs (>= 1.2.0, < 2.0)
      rspec-support (~> 3.10.0)
    rspec-mocks (3.10.2)
      diff-lcs (>= 1.2.0, < 2.0)
      rspec-support (~> 3.10.0)
    rspec-support (3.10.2)

PLATFORMS
  ruby

DEPENDENCIES
  bundler (~> 1.17.3)
  byebug (~> 9.0.6)
  nando!
  rake (~> 10.0)
  rspec (~> 3.2)

BUNDLED WITH
   1.17.3
